GIT
  remote: git@github.com:jimjh/genie-parser.git
  revision: d627c1c1cc07c0ea082a2599ee45cd7e7ba9c932
  branch: master
  specs:
    spirit (0.5)
      activesupport (~> 3.2)
      haml (~> 4.0)
      pygments.rb (~> 0.5)
      redcarpet (~> 2.3)
      sanitize (~> 2.0)

PATH
  remote: .
  specs:
    lamp (0.5)
      activesupport (~> 3.2)
      faraday (~> 0.8)
      grit (~> 2.5)
      pry (~> 0.9)
      spirit
      thor (~> 0.16)
      thrift (~> 0.9)

GEM
  remote: https://rubygems.org/
  specs:
    activesupport (3.2.13)
      i18n (= 0.6.1)
      multi_json (~> 1.0)
    coderay (1.0.9)
    columnize (0.3.6)
    debugger (1.6.0)
      columnize (>= 0.3.1)
      debugger-linecache (~> 1.2.0)
      debugger-ruby_core_source (~> 1.2.1)
    debugger-linecache (1.2.0)
    debugger-pry (0.1.1)
      debugger (~> 1)
      pry (>= 0.9.9)
    debugger-ruby_core_source (1.2.3)
    diff-lcs (1.2.4)
    faraday (0.8.7)
      multipart-post (~> 1.1)
    fuubar (1.1.1)
      rspec (~> 2.0)
      rspec-instafail (~> 0.2.0)
      ruby-progressbar (~> 1.0)
    grit (2.5.0)
      diff-lcs (~> 1.1)
      mime-types (~> 1.15)
      posix-spawn (~> 0.3.6)
    haml (4.0.3)
      tilt
    i18n (0.6.1)
    metaclass (0.0.1)
    method_source (0.8.1)
    mime-types (1.23)
    mini_portile (0.5.0)
    mocha (0.14.0)
      metaclass (~> 0.0.1)
    multi_json (1.7.7)
    multipart-post (1.2.0)
    nokogiri (1.6.0)
      mini_portile (~> 0.5.0)
    posix-spawn (0.3.6)
    pry (0.9.12.2)
      coderay (~> 1.0.5)
      method_source (~> 0.8)
      slop (~> 3.4)
    pygments.rb (0.5.1)
      posix-spawn (~> 0.3.6)
      yajl-ruby (~> 1.1.0)
    rake (10.1.0)
    redcarpet (2.3.0)
    rspec (2.13.0)
      rspec-core (~> 2.13.0)
      rspec-expectations (~> 2.13.0)
      rspec-mocks (~> 2.13.0)
    rspec-core (2.13.1)
    rspec-expectations (2.13.0)
      diff-lcs (>= 1.1.3, < 2.0)
    rspec-instafail (0.2.4)
    rspec-mocks (2.13.1)
    ruby-progressbar (1.1.1)
    sanitize (2.0.4)
      nokogiri (~> 1.6.0)
    slop (3.4.5)
    thor (0.18.1)
    thrift (0.9.0)
    tilt (1.4.1)
    yajl-ruby (1.1.0)
    yard (0.8.6.2)

PLATFORMS
  ruby

DEPENDENCIES
  debugger-pry (~> 0.1)
  fuubar (~> 1.1)
  lamp!
  mocha (~> 0.10)
  rake (~> 10.0)
  rspec (~> 2.12)
  spirit!
  yard (~> 0.8)
