GIT
  remote: git@github.com:jimjh/genie-parser.git
  revision: bc299c9f1bb3b6841bdfc82f9cb3f765cf54d617
  branch: master
  specs:
    spirit (0.2)
      activesupport (~> 3.2)
      albino (~> 1.3)
      haml (~> 4.0)
      redcarpet (~> 2.2)
      sanitize (~> 2.0)

PATH
  remote: .
  specs:
    lamp (0.2)
      activesupport (~> 3.2)
      faraday (~> 0.8)
      grit (~> 2.5)
      pry (~> 0.9)
      spirit
      thor (~> 0.16)
      thrift (~> 0.9)

GEM
  remote: https://rubygems.org/
  specs:
    activesupport (3.2.13)
      i18n (= 0.6.1)
      multi_json (~> 1.0)
    albino (1.3.3)
      posix-spawn (>= 0.3.6)
    coderay (1.0.9)
    columnize (0.3.6)
    debugger (1.5.0)
      columnize (>= 0.3.1)
      debugger-linecache (~> 1.2.0)
      debugger-ruby_core_source (~> 1.2.0)
    debugger-linecache (1.2.0)
    debugger-pry (0.1.1)
      debugger (~> 1)
      pry (>= 0.9.9)
    debugger-ruby_core_source (1.2.0)
    diff-lcs (1.2.1)
    faraday (0.8.6)
      multipart-post (~> 1.1)
    fuubar (1.1.0)
      rspec (~> 2.0)
      rspec-instafail (~> 0.2.0)
      ruby-progressbar (~> 1.0.0)
    grit (2.5.0)
      diff-lcs (~> 1.1)
      mime-types (~> 1.15)
      posix-spawn (~> 0.3.6)
    haml (4.0.1)
      tilt
    i18n (0.6.1)
    metaclass (0.0.1)
    method_source (0.8.1)
    mime-types (1.21)
    mocha (0.13.3)
      metaclass (~> 0.0.1)
    multi_json (1.7.2)
    multipart-post (1.2.0)
    nokogiri (1.5.9)
    posix-spawn (0.3.6)
    pry (0.9.12)
      coderay (~> 1.0.5)
      method_source (~> 0.8)
      slop (~> 3.4)
    rake (10.0.3)
    redcarpet (2.2.2)
    rspec (2.13.0)
      rspec-core (~> 2.13.0)
      rspec-expectations (~> 2.13.0)
      rspec-mocks (~> 2.13.0)
    rspec-core (2.13.1)
    rspec-expectations (2.13.0)
      diff-lcs (>= 1.1.3, < 2.0)
    rspec-instafail (0.2.4)
    rspec-mocks (2.13.0)
    ruby-progressbar (1.0.2)
    sanitize (2.0.3)
      nokogiri (>= 1.4.4, < 1.6)
    slop (3.4.4)
    thor (0.17.0)
    thrift (0.9.0)
    tilt (1.3.6)
    yard (0.8.5.2)

PLATFORMS
  ruby

DEPENDENCIES
  debugger-pry (~> 0.1)
  fuubar (~> 1.1)
  lamp!
  mocha (~> 0.10)
  rake (~> 10.0)
  rspec (~> 2.12)
  spirit!
  yard (~> 0.8)
